GEM
  remote: http://rubygems.org/
  specs:
    faraday (0.8.7)
      multipart-post (~> 1.1)
    faraday_middleware (0.9.0)
      faraday (>= 0.7.4, < 0.9)
    json (1.7.7)
    multipart-post (1.2.0)
    oauth (0.4.7)
    rack (1.5.2)
    rack-protection (1.5.0)
      rack
    sinatra (1.4.2)
      rack (~> 1.5, >= 1.5.2)
      rack-protection (~> 1.4)
      tilt (~> 1.3, >= 1.3.4)
    tilt (1.3.6)
    tumblr_client (0.7.1)
      faraday (>= 0.8)
      faraday_middleware (>= 0.8)
      json
      oauth

PLATFORMS
  ruby

DEPENDENCIES
  json
  oauth
  sinatra (~> 1.4.2)
  tumblr_client
